PATH
  remote: .
  specs:
    mastermind_ruby (0.0.5)

GEM
  remote: https://rubygems.org/
  specs:
    rake (10.4.2)

PLATFORMS
  ruby

DEPENDENCIES
  bundler
  mastermind_ruby!
  rake

BUNDLED WITH
   1.10.6
